GEM
  remote: https://rubygems.org/
  specs:
    coderay (1.1.2)
    coveralls (0.8.22)
      json (>= 1.8, < 3)
      simplecov (~> 0.16.1)
      term-ansicolor (~> 1.3)
      thor (~> 0.19.4)
      tins (~> 1.6)
    docile (1.3.1)
    json (2.5.1)
    method_source (0.9.2)
    minitest (5.11.3)
    progressbar (1.10.0)
    pry (0.12.2)
      coderay (~> 1.1.0)
      method_source (~> 0.9.0)
    rake (12.3.3)
    rake-compiler (1.0.7)
      rake
    simplecov (0.16.1)
      docile (~> 1.1)
      json (>= 1.8, < 3)
      simplecov-html (~> 0.10.0)
    simplecov-html (0.10.2)
    term-ansicolor (1.7.1)
      tins (~> 1.0)
    thor (0.19.4)
    tins (1.20.2)

PLATFORMS
  ruby

DEPENDENCIES
  coveralls
  minitest
  progressbar
  pry
  rake
  rake-compiler

BUNDLED WITH
   1.17.2
